GIT
  remote: git://github.com/nesquena/query_reviewer.git
  revision: 43b46f92afbc81ae7da8459ff3ae9afa465fe4e8
  specs:
    query_reviewer (0.1.5)

GEM
  remote: http://rubygems.org/
  specs:
    ZenTest (4.6.2)
    abstract (1.0.0)
    actionmailer (3.0.3)
      actionpack (= 3.0.3)
      mail (~> 2.2.9)
    actionpack (3.0.3)
      activemodel (= 3.0.3)
      activesupport (= 3.0.3)
      builder (~> 2.1.2)
      erubis (~> 2.6.6)
      i18n (~> 0.4)
      rack (~> 1.2.1)
      rack-mount (~> 0.6.13)
      rack-test (~> 0.5.6)
      tzinfo (~> 0.3.23)
    activemodel (3.0.3)
      activesupport (= 3.0.3)
      builder (~> 2.1.2)
      i18n (~> 0.4)
    activerecord (3.0.3)
      activemodel (= 3.0.3)
      activesupport (= 3.0.3)
      arel (~> 2.0.2)
      tzinfo (~> 0.3.23)
    activeresource (3.0.3)
      activemodel (= 3.0.3)
      activesupport (= 3.0.3)
    activesupport (3.0.3)
    acts_as_revisionable (1.2.2)
      activerecord (>= 2.3.9)
    addressable (2.2.7)
    archive-tar-minitar (0.5.2)
    arel (2.0.10)
    autotest (4.4.6)
      ZenTest (>= 4.4.1)
    autotest-fsevent (0.2.8)
      sys-uname
    autotest-growl (0.2.16)
    autotest-rails (4.1.2)
      ZenTest (~> 4.5)
    awesome_nested_set (2.1.2)
      activerecord (>= 3.0.0)
    aws-sdk (1.3.6)
      httparty (~> 0.7)
      json (~> 1.4)
      nokogiri (>= 1.4.4)
      uuidtools (~> 2.1)
    bcrypt-ruby (3.0.1)
    builder (2.1.2)
    capybara (1.1.2)
      mime-types (>= 1.16)
      nokogiri (>= 1.3.3)
      rack (>= 1.0.0)
      rack-test (>= 0.5.4)
      selenium-webdriver (~> 2.0)
      xpath (~> 0.1.4)
    childprocess (0.3.1)
      ffi (~> 1.0.6)
    cocaine (0.2.1)
    coffee-script (2.2.0)
      coffee-script-source
      execjs
    coffee-script-source (1.2.0)
    columnize (0.3.6)
    crack (0.3.1)
    database_cleaner (0.6.7)
    delayed_job (3.0.1)
      activesupport (~> 3.0)
    delayed_job_active_record (0.3.2)
      activerecord (> 2.1.0)
      delayed_job (~> 3.0.0)
    devise (1.5.3)
      bcrypt-ruby (~> 3.0)
      orm_adapter (~> 0.0.3)
      warden (~> 1.1)
    diff-lcs (1.1.3)
    email_spec (1.2.1)
      mail (~> 2.2)
      rspec (~> 2.0)
    embedly (1.5.2)
      oauth
      querystring
      typhoeus
    engineyard (1.3.20)
      engineyard-serverside-adapter (= 1.4.1)
      escape (~> 0.0.4)
      highline (~> 1.6.1)
      json_pure
      net-ssh (~> 2.1.0)
      rest-client (~> 1.6.0)
      thor (~> 0.14.6)
    engineyard-serverside-adapter (1.4.1)
      escape (~> 0.0.4)
      json_pure
    erubis (2.6.6)
      abstract (>= 1.0.0)
    escape (0.0.4)
    execjs (1.3.0)
      multi_json (~> 1.0)
    factory_girl (2.6.3)
      activesupport (>= 2.3.9)
    factory_girl_rails (1.7.0)
      factory_girl (~> 2.6.0)
      railties (>= 3.0.0)
    faraday (0.7.6)
      addressable (~> 2.2)
      multipart-post (~> 1.1)
      rack (~> 1.1)
    fattr (2.2.1)
    ffi (1.0.11)
    fitter-happier (0.0.3)
      actionpack
    friendly_id (4.0.3)
    fuubar (0.0.6)
      rspec (~> 2.0)
      rspec-instafail (~> 0.1.8)
      ruby-progressbar (~> 0.0.10)
    gchart (1.0.0)
    haml (3.0.25)
    hashie (1.2.0)
    highline (1.6.11)
    hike (1.2.1)
    hominid (3.0.4)
    hoptoad_notifier (2.4.11)
      activesupport
      builder
    hpricot (0.8.6)
    httparty (0.8.1)
      multi_json
      multi_xml
    i18n (0.6.0)
    jasmine (1.1.2)
      jasmine-core (>= 1.1.0)
      rack (>= 1.1)
      rspec (>= 1.3.1)
      selenium-webdriver (>= 0.1.3)
    jasmine-core (1.1.0)
    jasmine-headless-webkit (0.8.4)
      coffee-script
      jasmine-core (~> 1.1)
      multi_json
      rainbow
      sprockets (~> 2)
    jquery-rails (1.0.19)
      railties (~> 3.0)
      thor (~> 0.14)
    json (1.6.5)
    json_pure (1.6.5)
    launchy (2.0.3)
    linecache19 (0.5.12)
      ruby_core_source (>= 0.1.4)
    linguistics (1.0.9)
    mail (2.2.19)
      activesupport (>= 2.3.6)
      i18n (>= 0.4.0)
      mime-types (~> 1.16)
      treetop (~> 1.4.8)
    mime-types (1.17.2)
    multi_json (1.1.0)
    multi_xml (0.4.2)
    multipart-post (1.1.5)
    mysql2 (0.2.18)
    net-ssh (2.1.4)
    no_peeping_toms (2.1.2)
      activerecord (>= 3.0.0)
      activesupport (>= 3.0.0)
    nokogiri (1.5.2)
    oauth (0.4.5)
    oauth2 (0.5.2)
      faraday (~> 0.7)
      multi_json (~> 1.0)
    omniauth (1.0.3)
      hashie (~> 1.2)
      rack
    omniauth-facebook (1.2.0)
      omniauth-oauth2 (~> 1.0.0)
    omniauth-oauth2 (1.0.0)
      oauth2 (~> 0.5.0)
      omniauth (~> 1.0)
    options (2.3.0)
      fattr
    orm_adapter (0.0.6)
    paperclip (2.7.0)
      activerecord (>= 2.3.0)
      activesupport (>= 2.3.2)
      cocaine (>= 0.0.2)
      mime-types
    polyglot (0.3.3)
    pr_geohash (1.0.0)
    profanity_filter (0.1.1)
    progress_bar (0.4.0)
      highline (~> 1.6.1)
      options (~> 2.3.0)
    querystring (0.1.0)
    rack (1.2.5)
    rack-mount (0.6.14)
      rack (>= 1.0.0)
    rack-test (0.5.7)
      rack (>= 1.0)
    rails (3.0.3)
      actionmailer (= 3.0.3)
      actionpack (= 3.0.3)
      activerecord (= 3.0.3)
      activeresource (= 3.0.3)
      activesupport (= 3.0.3)
      bundler (~> 1.0)
      railties (= 3.0.3)
    rails3-generators (0.17.4)
      railties (>= 3.0.0)
    railties (3.0.3)
      actionpack (= 3.0.3)
      activesupport (= 3.0.3)
      rake (>= 0.8.7)
      thor (~> 0.14.4)
    rainbow (1.1.3)
    rake (0.9.2.2)
    remotipart (1.0.2)
    rest-client (1.6.7)
      mime-types (>= 1.16)
    rsolr (1.0.7)
      builder (>= 2.1.2)
    rspec (2.5.0)
      rspec-core (~> 2.5.0)
      rspec-expectations (~> 2.5.0)
      rspec-mocks (~> 2.5.0)
    rspec-core (2.5.2)
    rspec-expectations (2.5.0)
      diff-lcs (~> 1.1.2)
    rspec-instafail (0.1.9)
    rspec-mocks (2.5.0)
    rspec-rails (2.5.0)
      actionpack (~> 3.0)
      activesupport (~> 3.0)
      railties (~> 3.0)
      rspec (~> 2.5.0)
    rspec-spies (2.1.0)
      rspec (~> 2.0)
    ruby-debug-base19 (0.11.25)
      columnize (>= 0.3.1)
      linecache19 (>= 0.5.11)
      ruby_core_source (>= 0.1.4)
    ruby-debug19 (0.11.6)
      columnize (>= 0.3.1)
      linecache19 (>= 0.5.11)
      ruby-debug-base19 (>= 0.11.19)
    ruby-progressbar (0.0.10)
    ruby_core_source (0.1.5)
      archive-tar-minitar (>= 0.5.2)
    ruby_parser (2.3.1)
      sexp_processor (~> 3.0)
    rubyzip (0.9.6.1)
    sanitize (2.0.3)
      nokogiri (>= 1.4.4, < 1.6)
    selenium-webdriver (2.20.0)
      childprocess (>= 0.2.5)
      ffi (~> 1.0)
      multi_json (~> 1.0)
      rubyzip
    sexp_processor (3.1.0)
    shoulda (3.0.1)
      shoulda-context (~> 1.0.0)
      shoulda-matchers (~> 1.0.0)
    shoulda-context (1.0.0)
    shoulda-matchers (1.0.0)
    simplecov (0.6.1)
      multi_json (~> 1.0)
      simplecov-html (~> 0.5.3)
    simplecov-html (0.5.3)
    sixarm_ruby_email_address_validation (1.2.4)
    spork (0.9.0)
    sprockets (2.3.1)
      hike (~> 1.2)
      multi_json (~> 1.0)
      rack (~> 1.0)
      tilt (~> 1.1, != 1.3.0)
    steak (2.0.0)
      capybara (>= 1.0.0)
      rspec-rails (>= 2.5.0)
    sunspot (1.3.0)
      escape (~> 0.0.4)
      pr_geohash (~> 1.0)
      rsolr (~> 1.0.6)
    sunspot_rails (1.3.0)
      nokogiri
      sunspot (= 1.3.0)
    sunspot_solr (1.3.0)
      escape (~> 0.0.4)
    sys-uname (0.9.0)
      ffi (>= 1.0.0)
    thor (0.14.6)
    tilt (1.3.3)
    timecop (0.3.5)
    treetop (1.4.10)
      polyglot
      polyglot (>= 0.3.1)
    typhoeus (0.3.3)
      mime-types
    tzinfo (0.3.32)
    uuidtools (2.1.2)
    warden (1.1.1)
      rack (>= 1.0)
    webmock (1.8.2)
      addressable (>= 2.2.7)
      crack (>= 0.1.7)
    webrat (0.7.3)
      nokogiri (>= 1.2.0)
      rack (>= 1.0)
      rack-test (>= 0.5.3)
    will_paginate (3.0.3)
    xpath (0.1.4)
      nokogiri (~> 1.3)

PLATFORMS
  ruby

DEPENDENCIES
  acts_as_revisionable
  autotest
  autotest-fsevent
  autotest-growl
  autotest-rails
  awesome_nested_set
  aws-sdk
  capybara
  database_cleaner
  delayed_job_active_record
  devise (~> 1.5.2)
  email_spec
  embedly
  engineyard
  factory_girl_rails
  fitter-happier
  friendly_id
  fuubar
  gchart
  haml (< 3.1)
  highline
  hominid
  hoptoad_notifier
  hpricot
  jasmine
  jasmine-headless-webkit
  jquery-rails
  launchy
  linguistics
  mysql2 (~> 0.2.7)
  no_peeping_toms
  omniauth
  omniauth-facebook
  paperclip
  profanity_filter
  progress_bar
  query_reviewer!
  rails (= 3.0.3)
  rails3-generators
  remotipart
  rspec-rails
  rspec-spies
  ruby-debug19
  ruby_parser
  sanitize
  shoulda
  simplecov
  sixarm_ruby_email_address_validation
  spork
  steak
  sunspot_rails
  sunspot_solr
  timecop
  webmock (~> 1.8.2)
  webrat
  will_paginate
